GEM
  remote: https://rubygems.org/
  remote: http://gems.github.com/
  specs:
    addressable (2.5.0)
      public_suffix (~> 2.0, >= 2.0.2)
    discogs-wrapper (2.3.0)
      hashie (~> 3.0)
      httparty (~> 0.14)
      oauth (~> 0.5.1)
    ffi (1.9.18-java)
    hashie (3.5.5)
    httparty (0.14.0)
      multi_xml (>= 0.5.2)
    launchy (2.4.3)
      addressable (~> 2.3)
    launchy (2.4.3-java)
      addressable (~> 2.3)
      spoon (~> 0.0.1)
    mini_magick (4.6.1)
    mini_portile2 (2.1.0)
    multi_xml (0.6.0)
    nokogiri (1.7.0.1)
      mini_portile2 (~> 2.1.0)
    nokogiri (1.7.0.1-java)
    oauth (0.5.1)
    public_suffix (2.0.5)
    spoon (0.0.6)
      ffi
    tk (0.1.2)

PLATFORMS
  java
  ruby

DEPENDENCIES
  discogs-wrapper (~> 2.2)
  launchy (~> 2.4, >= 2.4.3)
  mini_magick (~> 4.6, >= 4.6.1)
  nokogiri
  tk (~> 0.1.1)

BUNDLED WITH
   1.14.6
